PATH
  remote: .
  specs:
    dicom (0.9.8)

GEM
  remote: http://www.rubygems.org/
  specs:
    diff-lcs (1.2.5)
    metaclass (0.0.4)
    mini_magick (4.8.0)
    mocha (1.4.0)
      metaclass (~> 0.0.1)
    numo-narray (0.9.1.1)
    rake (12.3.1)
    redcarpet (3.4.0)
    rmagick (2.15.4)
    rspec (3.7.0)
      rspec-core (~> 3.7.0)
      rspec-expectations (~> 3.7.0)
      rspec-mocks (~> 3.7.0)
    rspec-core (3.7.1)
      rspec-support (~> 3.7.0)
    rspec-expectations (3.7.0)
      diff-lcs (>= 1.2.0, < 2.0)
      rspec-support (~> 3.7.0)
    rspec-mocks (3.7.0)
      diff-lcs (>= 1.2.0, < 2.0)
      rspec-support (~> 3.7.0)
    rspec-support (3.7.1)
    yard (0.9.12)

PLATFORMS
  x86-mingw32

DEPENDENCIES
  bundler (~> 1.16)
  dicom!
  mini_magick (~> 4.8)
  mocha (~> 1.4)
  numo-narray (~> 0.9, >= 0.9.1.1)
  rake (~> 12.3)
  redcarpet (~> 3.4)
  rmagick (~> 2.15)
  rspec (~> 3.7)
  yard (~> 0.9, >= 0.9.12)

BUNDLED WITH
   1.16.1
